GIT
  remote: https://github.com/daveola/rest-client
  revision: 9bbe538aa2003e172f818eeff5c2e2e6828a8453
  specs:
    rest-client (1.6.7)
      mime-types (>= 1.16)
      netrc

GEM
  remote: http://rubygems.org/
  specs:
    coderay (1.0.8)
    diff-lcs (1.1.3)
    domain_name (0.5.11)
      unf (>= 0.0.5, < 1.0.0)
    fakeweb (1.3.0)
    git (1.2.5)
    http-cookie (1.0.1)
      domain_name (~> 0.5)
    jeweler (1.8.4)
      bundler (~> 1.0)
      git (>= 1.2.5)
      rake
      rdoc
    json (1.7.5)
    mechanize (2.7.0)
      domain_name (~> 0.5, >= 0.5.1)
      http-cookie (~> 1.0.0)
      mime-types (~> 1.17, >= 1.17.2)
      net-http-digest_auth (~> 1.1, >= 1.1.1)
      net-http-persistent (~> 2.5, >= 2.5.2)
      nokogiri (~> 1.4)
      ntlm-http (~> 0.1, >= 0.1.1)
      webrobots (>= 0.0.9, < 0.2)
    method_source (0.8.1)
    mime-types (1.19)
    net-http-digest_auth (1.3)
    net-http-persistent (2.8)
    netrc (0.7.7)
    nokogiri (1.5.5)
    ntlm-http (0.1.1)
    pry (0.9.10)
      coderay (~> 1.0.5)
      method_source (~> 0.8)
      slop (~> 3.3.1)
    rake (10.0.2)
    rdoc (3.12)
      json (~> 1.4)
    rspec (2.8.0)
      rspec-core (~> 2.8.0)
      rspec-expectations (~> 2.8.0)
      rspec-mocks (~> 2.8.0)
    rspec-core (2.8.0)
    rspec-expectations (2.8.0)
      diff-lcs (~> 1.1.2)
    rspec-mocks (2.8.0)
    slop (3.3.3)
    unf (0.1.1)
      unf_ext
    unf_ext (0.0.6)
    vcr (2.4.0)
    webrobots (0.1.1)

PLATFORMS
  ruby

DEPENDENCIES
  bundler
  fakeweb
  jeweler (~> 1.8.4)
  mechanize (= 2.7.0)
  nokogiri
  pry
  rest-client!
  rspec (~> 2.8.0)
  vcr (~> 2.4.0)
